GEM
  remote: https://rubygems.org/
  specs:
    actionmailer (5.2.4.5)
      actionpack (= 5.2.4.5)
      actionview (= 5.2.4.5)
      activejob (= 5.2.4.5)
      mail (~> 2.5, >= 2.5.4)
      rails-dom-testing (~> 2.0)
    actionpack (5.2.4.5)
      actionview (= 5.2.4.5)
      activesupport (= 5.2.4.5)
      rack (~> 2.0, >= 2.0.8)
      rack-test (>= 0.6.3)
      rails-dom-testing (~> 2.0)
      rails-html-sanitizer (~> 1.0, >= 1.0.2)
    actionview (5.2.4.5)
      activesupport (= 5.2.4.5)
      builder (~> 3.1)
      erubi (~> 1.4)
      rails-dom-testing (~> 2.0)
      rails-html-sanitizer (~> 1.0, >= 1.0.3)
    activejob (5.2.4.5)
      activesupport (= 5.2.4.5)
      globalid (>= 0.3.6)
    activemodel (5.2.4.5)
      activesupport (= 5.2.4.5)
    activerecord (5.2.4.5)
      activemodel (= 5.2.4.5)
      activesupport (= 5.2.4.5)
      arel (>= 9.0)
    activesupport (5.2.4.5)
      concurrent-ruby (~> 1.0, >= 1.0.2)
      i18n (>= 0.7, < 2)
      minitest (~> 5.1)
      tzinfo (~> 1.1)
    addressable (2.7.0)
      public_suffix (>= 2.0.2, < 5.0)
    arel (9.0.0)
    aws-eventstream (1.1.0)
    aws-partitions (1.430.0)
    aws-sdk-apigateway (1.59.0)
      aws-sdk-core (~> 3, >= 3.112.0)
      aws-sigv4 (~> 1.1)
    aws-sdk-cloudformation (1.48.0)
      aws-sdk-core (~> 3, >= 3.112.0)
      aws-sigv4 (~> 1.1)
    aws-sdk-cloudwatchlogs (1.39.0)
      aws-sdk-core (~> 3, >= 3.112.0)
      aws-sigv4 (~> 1.1)
    aws-sdk-core (3.112.0)
      aws-eventstream (~> 1, >= 1.0.2)
      aws-partitions (~> 1, >= 1.239.0)
      aws-sigv4 (~> 1.1)
      jmespath (~> 1.0)
    aws-sdk-dynamodb (1.59.0)
      aws-sdk-core (~> 3, >= 3.112.0)
      aws-sigv4 (~> 1.1)
    aws-sdk-kinesis (1.31.0)
      aws-sdk-core (~> 3, >= 3.112.0)
      aws-sigv4 (~> 1.1)
    aws-sdk-kms (1.42.0)
      aws-sdk-core (~> 3, >= 3.112.0)
      aws-sigv4 (~> 1.1)
    aws-sdk-lambda (1.59.0)
      aws-sdk-core (~> 3, >= 3.112.0)
      aws-sigv4 (~> 1.1)
    aws-sdk-s3 (1.89.0)
      aws-sdk-core (~> 3, >= 3.112.0)
      aws-sdk-kms (~> 1)
      aws-sigv4 (~> 1.1)
    aws-sdk-sns (1.38.0)
      aws-sdk-core (~> 3, >= 3.112.0)
      aws-sigv4 (~> 1.1)
    aws-sdk-sqs (1.36.0)
      aws-sdk-core (~> 3, >= 3.112.0)
      aws-sigv4 (~> 1.1)
    aws-sdk-ssm (1.105.0)
      aws-sdk-core (~> 3, >= 3.112.0)
      aws-sigv4 (~> 1.1)
    aws-sigv4 (1.2.2)
      aws-eventstream (~> 1, >= 1.0.2)
    builder (3.2.4)
    byebug (11.0.1)
    capybara (3.25.0)
      addressable
      mini_mime (>= 0.1.3)
      nokogiri (~> 1.8)
      rack (>= 1.6.0)
      rack-test (>= 0.6.3)
      regexp_parser (~> 1.5)
      xpath (~> 3.2)
    cfnresponse (0.4.0)
    concurrent-ruby (1.1.8)
    crass (1.0.6)
    diff-lcs (1.4.4)
    dotenv (2.7.6)
    dynomite (1.2.2)
      activesupport
      aws-sdk-dynamodb
    erubi (1.10.0)
    gems (1.2.0)
    globalid (0.4.2)
      activesupport (>= 4.2.0)
    groupdate (4.1.2)
      activesupport (>= 4.2)
    hashie (4.1.0)
    i18n (1.8.9)
      concurrent-ruby (~> 1.0)
    jets (1.9.23)
      actionmailer (~> 5.2.1)
      actionpack (~> 5.2.1)
      actionview (~> 5.2.1)
      activerecord (~> 5.2.1)
      activesupport (~> 5.2.1)
      aws-sdk-apigateway
      aws-sdk-cloudformation
      aws-sdk-cloudwatchlogs
      aws-sdk-dynamodb
      aws-sdk-kinesis
      aws-sdk-lambda
      aws-sdk-s3
      aws-sdk-sns
      aws-sdk-sqs
      aws-sdk-ssm
      cfnresponse
      dotenv
      gems
      hashie
      jets-gems
      jets-html-sanitizer
      json
      kramdown
      memoist
      mimemagic
      rack
      railties (~> 5.2.1)
      rainbow
      recursive-open-struct
      shotgun
      text-table
      thor
      zeitwerk
    jets-gems (0.2.3)
      gems
    jets-html-sanitizer (1.0.4)
      loofah (~> 2.2, >= 2.2.2)
    jmespath (1.4.0)
    json (2.5.1)
    kramdown (2.3.0)
      rexml
    launchy (2.4.3)
      addressable (~> 2.3)
    loofah (2.9.0)
      crass (~> 1.0.2)
      nokogiri (>= 1.5.9)
    mail (2.7.1)
      mini_mime (>= 0.1.1)
    memoist (0.16.2)
    method_source (1.0.0)
    mimemagic (0.3.5)
    mini_mime (1.0.2)
    mini_portile2 (2.5.0)
    minitest (5.14.4)
    mysql2 (0.5.2)
    nokogiri (1.11.1)
      mini_portile2 (~> 2.5.0)
      racc (~> 1.4)
    public_suffix (4.0.6)
    racc (1.5.2)
    rack (2.0.8)
    rack-test (1.1.0)
      rack (>= 1.0, < 3)
    rails-dom-testing (2.0.3)
      activesupport (>= 4.2.0)
      nokogiri (>= 1.6)
    rails-html-sanitizer (1.3.0)
      loofah (~> 2.3)
    railties (5.2.4.5)
      actionpack (= 5.2.4.5)
      activesupport (= 5.2.4.5)
      method_source
      rake (>= 0.8.7)
      thor (>= 0.19.0, < 2.0)
    rainbow (3.0.0)
    rake (13.0.3)
    recursive-open-struct (1.1.3)
    regexp_parser (1.8.2)
    rexml (3.2.4)
    rspec (3.8.0)
      rspec-core (~> 3.8.0)
      rspec-expectations (~> 3.8.0)
      rspec-mocks (~> 3.8.0)
    rspec-core (3.8.2)
      rspec-support (~> 3.8.0)
    rspec-expectations (3.8.6)
      diff-lcs (>= 1.2.0, < 2.0)
      rspec-support (~> 3.8.0)
    rspec-mocks (3.8.2)
      diff-lcs (>= 1.2.0, < 2.0)
      rspec-support (~> 3.8.0)
    rspec-support (3.8.3)
    shotgun (0.9.2)
      rack (>= 1.0)
    text-table (1.2.4)
    thor (1.1.0)
    thread_safe (0.3.6)
    tzinfo (1.2.9)
      thread_safe (~> 0.1)
    xpath (3.2.0)
      nokogiri (~> 1.8)
    zeitwerk (2.4.2)

PLATFORMS
  ruby

DEPENDENCIES
  byebug
  capybara
  dynomite
  groupdate
  jets
  launchy
  mysql2 (~> 0.5.2)
  rack
  rspec
  shotgun

BUNDLED WITH
   1.17.3
